GEM
  remote: https://rubygems.org/
  specs:
    dotenv (2.7.5)
    htmlentities (4.3.4)
    httparty (0.21.0)
      mini_mime (>= 1.0.0)
      multi_xml (>= 0.5.2)
    mini_mime (1.1.2)
    multi_xml (0.6.0)

PLATFORMS
  ruby

DEPENDENCIES
  dotenv
  htmlentities
  httparty

BUNDLED WITH
   2.0.2
